GEM
  remote: http://rubygems.org/
  specs:
    arrayfields (4.7.4)
    atoulme-Antwrap (0.7.2-java)
    bouncy-castle-java (1.5.0146.1)
    braid (0.7.1)
      main (>= 4.7.3)
      open4 (>= 1.0.1)
    builder (2.1.2)
    buildr (1.4.7-java)
      atoulme-Antwrap (~> 0.7.2)
      builder (= 2.1.2)
      diff-lcs (= 1.1.3)
      highline (= 1.6.2)
      hoe (= 2.3.3)
      jruby-openssl (>= 0.7)
      json_pure (= 1.4.3)
      minitar (= 0.5.3)
      net-sftp (= 2.0.5)
      net-ssh (= 2.3.0)
      rake (= 0.9.2.2)
      rspec (= 2.9.0)
      rspec-core (= 2.9.0)
      rspec-expectations (= 2.9.0)
      rspec-mocks (= 2.9.0)
      rubyforge (= 2.0.3)
      rubyzip (= 0.9.4)
      xml-simple (= 1.0.12)
    chronic (0.6.7)
    ci_reporter (1.7.0)
      builder (>= 2.1.2)
    diff-lcs (1.1.3)
    fattr (2.2.1)
    highline (1.6.2)
    hoe (2.3.3)
      rake (>= 0.8.7)
      rubyforge (>= 1.0.4)
    jruby-openssl (0.7.7)
      bouncy-castle-java (>= 1.5.0146.1)
    json_pure (1.4.3)
    main (5.0.1)
      arrayfields (>= 4.7.4)
      chronic (>= 0.6.2)
      fattr (>= 2.2.0)
      map (>= 5.1.0)
    map (6.2.0)
    maruku (0.6.0)
      syntax (>= 1.0.0)
    minitar (0.5.3)
    net-sftp (2.0.5)
      net-ssh (>= 2.0.9)
    net-ssh (2.3.0)
    open4 (1.3.0)
    rake (0.9.2.2)
    rspec (2.9.0)
      rspec-core (~> 2.9.0)
      rspec-expectations (~> 2.9.0)
      rspec-mocks (~> 2.9.0)
    rspec-core (2.9.0)
    rspec-expectations (2.9.0)
      diff-lcs (~> 1.1.3)
    rspec-mocks (2.9.0)
    rubyforge (2.0.3)
      json_pure (>= 1.1.7)
    rubyzip (0.9.4)
    syntax (1.0.0)
    xml-simple (1.0.12)

PLATFORMS
  java

DEPENDENCIES
  braid (= 0.7.1)
  buildr (= 1.4.7)
  ci_reporter (>= 1.6.0)
  maruku (= 0.6.0)
